GEM
  remote: https://rubygems.org/
  specs:
    bsearch (1.5.0)
    diff-lcs (1.2.5)
    mini_portile (0.6.2)
    munkres (0.1.0)
    nokogiri (1.6.6.2)
      mini_portile (~> 0.6.0)
    rspec (3.2.0)
      rspec-core (~> 3.2.0)
      rspec-expectations (~> 3.2.0)
      rspec-mocks (~> 3.2.0)
    rspec-core (3.2.2)
      rspec-support (~> 3.2.0)
    rspec-expectations (3.2.0)
      diff-lcs (>= 1.2.0, < 2.0)
      rspec-support (~> 3.2.0)
    rspec-mocks (3.2.1)
      diff-lcs (>= 1.2.0, < 2.0)
      rspec-support (~> 3.2.0)
    rspec-support (3.2.2)
    ruby-prof (0.15.6)

PLATFORMS
  ruby

DEPENDENCIES
  bsearch
  munkres
  nokogiri
  rspec
  ruby-prof
